GEM
  remote: https://rubygems.org/
  specs:
    httpclient (2.6.0.1)
    rdioid (0.0.4)
      httpclient (~> 2.6.0)

PLATFORMS
  ruby

DEPENDENCIES
  rdioid
